PATH
  remote: .
  specs:
    skeleton_wars (0.1.0)

GEM
  remote: https://rubygems.org/
  specs:
    addressable (2.7.0)
      public_suffix (>= 2.0.2, < 5.0)
    catpix (0.2.0)
      docopt (~> 0.5, >= 0.5.0)
      rmagick (~> 2.15, >= 2.15.2)
      ruby-terminfo (~> 0.1, >= 0.1.1)
      tco (~> 0.1, >= 0.1.8)
    coderay (1.1.3)
    colorize (0.8.1)
    docopt (0.6.1)
    dotenv (2.7.6)
    down (5.2.0)
      addressable (~> 2.5)
    json (2.3.1)
    method_source (1.0.0)
    open-uri (0.1.0)
    pastel (0.8.0)
      tty-color (~> 0.5)
    pry (0.13.1)
      coderay (~> 1.1)
      method_source (~> 1.0)
    public_suffix (4.0.6)
    rake (12.3.3)
    rmagick (2.16.0)
    ruby-terminfo (0.1.1)
    tco (0.1.8)
    tty-color (0.6.0)
    tty-cursor (0.7.1)
    tty-prompt (0.22.0)
      pastel (~> 0.8)
      tty-reader (~> 0.8)
    tty-reader (0.8.0)
      tty-cursor (~> 0.7)
      tty-screen (~> 0.8)
      wisper (~> 2.0)
    tty-screen (0.8.1)
    wisper (2.0.1)

PLATFORMS
  ruby
  x86_64-linux

DEPENDENCIES
  catpix
  colorize
  dotenv
  down
  json
  open-uri
  pry
  rake (~> 12.0)
  skeleton_wars!
  tty-prompt

BUNDLED WITH
   2.2.0
