PATH
  remote: .
  specs:
    skeleton_wars (0.1.0)

GEM
  remote: https://rubygems.org/
  specs:
    dotenv (2.7.6)
    rake (12.3.3)

PLATFORMS
  ruby

DEPENDENCIES
  dotenv
  rake (~> 12.0)
  skeleton_wars!

BUNDLED WITH
   2.1.4
