PATH
  remote: .
  specs:
    skeleton_wars (0.1.0)

GEM
  remote: https://rubygems.org/
  specs:
    coderay (1.1.3)
    dotenv (2.7.6)
    json (2.3.1)
    method_source (1.0.0)
    open-uri (0.1.0)
    pry (0.13.1)
      coderay (~> 1.1)
      method_source (~> 1.0)
    rake (12.3.3)

PLATFORMS
  ruby

DEPENDENCIES
  dotenv
  json
  open-uri
  pry
  rake (~> 12.0)
  skeleton_wars!

BUNDLED WITH
   2.1.4
